GIT
  remote: git://github.com/seyhunak/twitter-bootstrap-rails.git
  revision: a9a5b41735cdb37e0dcb878eb25dcdf6174412cd
  specs:
    twitter-bootstrap-rails (4.0.0)
      actionpack (>= 5.0, < 7.0)
      execjs (~> 2.7)
      less-rails (>= 3.0, < 5.0)
      railties (>= 5.0, < 7.0)

GEM
  remote: https://rubygems.org/
  specs:
    actioncable (6.1.1)
      actionpack (= 6.1.1)
      activesupport (= 6.1.1)
      nio4r (~> 2.0)
      websocket-driver (>= 0.6.1)
    actionmailbox (6.1.1)
      actionpack (= 6.1.1)
      activejob (= 6.1.1)
      activerecord (= 6.1.1)
      activestorage (= 6.1.1)
      activesupport (= 6.1.1)
      mail (>= 2.7.1)
    actionmailer (6.1.1)
      actionpack (= 6.1.1)
      actionview (= 6.1.1)
      activejob (= 6.1.1)
      activesupport (= 6.1.1)
      mail (~> 2.5, >= 2.5.4)
      rails-dom-testing (~> 2.0)
    actionpack (6.1.1)
      actionview (= 6.1.1)
      activesupport (= 6.1.1)
      rack (~> 2.0, >= 2.0.9)
      rack-test (>= 0.6.3)
      rails-dom-testing (~> 2.0)
      rails-html-sanitizer (~> 1.0, >= 1.2.0)
    actiontext (6.1.1)
      actionpack (= 6.1.1)
      activerecord (= 6.1.1)
      activestorage (= 6.1.1)
      activesupport (= 6.1.1)
      nokogiri (>= 1.8.5)
    actionview (6.1.1)
      activesupport (= 6.1.1)
      builder (~> 3.1)
      erubi (~> 1.4)
      rails-dom-testing (~> 2.0)
      rails-html-sanitizer (~> 1.1, >= 1.2.0)
    activejob (6.1.1)
      activesupport (= 6.1.1)
      globalid (>= 0.3.6)
    activemodel (6.1.1)
      activesupport (= 6.1.1)
    activerecord (6.1.1)
      activemodel (= 6.1.1)
      activesupport (= 6.1.1)
    activestorage (6.1.1)
      actionpack (= 6.1.1)
      activejob (= 6.1.1)
      activerecord (= 6.1.1)
      activesupport (= 6.1.1)
      marcel (~> 0.3.1)
      mimemagic (~> 0.3.2)
    activesupport (6.1.1)
      concurrent-ruby (~> 1.0, >= 1.0.2)
      i18n (>= 1.6, < 2)
      minitest (>= 5.1)
      tzinfo (~> 2.0)
      zeitwerk (~> 2.3)
    ast (2.4.1)
    autoprefixer-rails (10.1.0.0)
      execjs
    bindex (0.8.1)
    bootsnap (1.5.1)
      msgpack (~> 1.0)
    bootstrap (4.5.3)
      autoprefixer-rails (>= 9.1.0)
      popper_js (>= 1.14.3, < 2)
      sassc-rails (>= 2.0.0)
    builder (3.2.4)
    byebug (11.1.3)
    childprocess (4.0.0)
    coffee-rails (5.0.0)
      coffee-script (>= 2.2.0)
      railties (>= 5.2.0)
    coffee-script (2.4.1)
      coffee-script-source
      execjs
    coffee-script-source (1.12.2)
    commonjs (0.2.7)
    concurrent-ruby (1.1.7)
    crass (1.0.6)
    daemons (1.3.1)
    delayed_job (4.1.9)
      activesupport (>= 3.0, < 6.2)
    delayed_job_active_record (4.1.5)
      activerecord (>= 3.0, < 6.2)
      delayed_job (>= 3.0, < 5)
    dotenv (2.7.6)
    dotenv-rails (2.7.6)
      dotenv (= 2.7.6)
      railties (>= 3.2)
    erubi (1.10.0)
    execjs (2.7.0)
    faraday (1.1.0)
      multipart-post (>= 1.2, < 3)
      ruby2_keywords
    ffi (1.14.2)
    globalid (0.4.2)
      activesupport (>= 4.2.0)
    i18n (1.8.7)
      concurrent-ruby (~> 1.0)
    iniparse (1.5.0)
    jbuilder (2.10.1)
      activesupport (>= 5.0.0)
    jquery-rails (4.4.0)
      rails-dom-testing (>= 1, < 3)
      railties (>= 4.2.0)
      thor (>= 0.14, < 2.0)
    jwt (2.2.2)
    less (2.6.0)
      commonjs (~> 0.2.7)
    less-rails (4.0.0)
      actionpack (>= 4)
      less (~> 2.6.0)
      sprockets (>= 2)
    listen (3.4.0)
      rb-fsevent (~> 0.10, >= 0.10.3)
      rb-inotify (~> 0.9, >= 0.9.10)
    loofah (2.8.0)
      crass (~> 1.0.2)
      nokogiri (>= 1.5.9)
    mail (2.7.1)
      mini_mime (>= 0.1.1)
    marcel (0.3.3)
      mimemagic (~> 0.3.2)
    method_source (1.0.0)
    mimemagic (0.3.5)
    mini_mime (1.0.2)
    mini_portile2 (2.5.0)
    minitest (5.14.3)
    msgpack (1.3.3)
    multipart-post (2.1.1)
    nio4r (2.5.4)
    nokogiri (1.11.1)
      mini_portile2 (~> 2.5.0)
      racc (~> 1.4)
    overcommit (0.57.0)
      childprocess (>= 0.6.3, < 5)
      iniparse (~> 1.4)
    parallel (1.20.1)
    parser (3.0.0.0)
      ast (~> 2.4.1)
    popper_js (1.16.0)
    puma (5.1.1)
      nio4r (~> 2.0)
    racc (1.5.2)
    rack (2.2.3)
    rack-proxy (0.6.5)
      rack
    rack-test (1.1.0)
      rack (>= 1.0, < 3)
    rails (6.1.1)
      actioncable (= 6.1.1)
      actionmailbox (= 6.1.1)
      actionmailer (= 6.1.1)
      actionpack (= 6.1.1)
      actiontext (= 6.1.1)
      actionview (= 6.1.1)
      activejob (= 6.1.1)
      activemodel (= 6.1.1)
      activerecord (= 6.1.1)
      activestorage (= 6.1.1)
      activesupport (= 6.1.1)
      bundler (>= 1.15.0)
      railties (= 6.1.1)
      sprockets-rails (>= 2.0.0)
    rails-controller-testing (1.0.5)
      actionpack (>= 5.0.1.rc1)
      actionview (>= 5.0.1.rc1)
      activesupport (>= 5.0.1.rc1)
    rails-dom-testing (2.0.3)
      activesupport (>= 4.2.0)
      nokogiri (>= 1.6)
    rails-html-sanitizer (1.3.0)
      loofah (~> 2.3)
    railties (6.1.1)
      actionpack (= 6.1.1)
      activesupport (= 6.1.1)
      method_source
      rake (>= 0.8.7)
      thor (~> 1.0)
    rainbow (3.0.0)
    rake (13.0.3)
    rb-fsevent (0.10.4)
    rb-inotify (0.10.1)
      ffi (~> 1.0)
    regexp_parser (2.0.3)
    rexml (3.2.4)
    rubocop (1.8.1)
      parallel (~> 1.10)
      parser (>= 3.0.0.0)
      rainbow (>= 2.2.2, < 4.0)
      regexp_parser (>= 1.8, < 3.0)
      rexml
      rubocop-ast (>= 1.2.0, < 2.0)
      ruby-progressbar (~> 1.7)
      unicode-display_width (>= 1.4.0, < 3.0)
    rubocop-ast (1.4.0)
      parser (>= 2.7.1.5)
    rubocop-rails (2.9.1)
      activesupport (>= 4.2.0)
      rack (>= 1.1)
      rubocop (>= 0.90.0, < 2.0)
    ruby-progressbar (1.11.0)
    ruby2_keywords (0.0.2)
    sass-rails (6.0.0)
      sassc-rails (~> 2.1, >= 2.1.1)
    sassc (2.4.0)
      ffi (~> 1.9)
    sassc-rails (2.1.2)
      railties (>= 4.0.0)
      sassc (>= 2.0)
      sprockets (> 3.0)
      sprockets-rails
      tilt
    semantic_range (2.3.1)
    spring (2.1.1)
    spring-watcher-listen (2.0.1)
      listen (>= 2.7, < 4.0)
      spring (>= 1.2, < 3.0)
    sprockets (4.0.2)
      concurrent-ruby (~> 1.0)
      rack (> 1, < 3)
    sprockets-rails (3.2.2)
      actionpack (>= 4.0)
      activesupport (>= 4.0)
      sprockets (>= 3.0.0)
    sqlite3 (1.4.2)
    thor (1.0.1)
    tilt (2.0.10)
    turbolinks (5.2.1)
      turbolinks-source (~> 5.2)
    turbolinks-source (5.2.0)
    twilio-ruby (5.45.1)
      faraday (>= 0.9, < 2.0)
      jwt (>= 1.5, <= 2.5)
      nokogiri (>= 1.6, < 2.0)
    tzinfo (2.0.4)
      concurrent-ruby (~> 1.0)
    unicode-display_width (2.0.0)
    web-console (4.1.0)
      actionview (>= 6.0.0)
      activemodel (>= 6.0.0)
      bindex (>= 0.4.0)
      railties (>= 6.0.0)
    webpacker (5.2.1)
      activesupport (>= 5.2)
      rack-proxy (>= 0.6.1)
      railties (>= 5.2)
      semantic_range (>= 2.3.0)
    websocket-driver (0.7.3)
      websocket-extensions (>= 0.1.0)
    websocket-extensions (0.1.5)
    zeitwerk (2.4.2)

PLATFORMS
  ruby

DEPENDENCIES
  bootsnap (>= 1.4.2)
  bootstrap (~> 4.5)
  byebug
  coffee-rails (~> 5.0)
  daemons
  delayed_job_active_record
  dotenv-rails (~> 2.7)
  jbuilder (~> 2.10)
  jquery-rails
  listen (>= 3.0.5, < 3.5)
  overcommit (~> 0.57.0)
  puma (~> 5.1)
  rails (~> 6.1.1)
  rails-controller-testing
  rubocop (~> 1.8.1)
  rubocop-rails (~> 2.9)
  sass-rails (>= 6)
  spring
  spring-watcher-listen (~> 2.0.0)
  sqlite3 (~> 1.4)
  turbolinks (~> 5)
  twilio-ruby (~> 5.45)
  twitter-bootstrap-rails!
  tzinfo-data
  web-console (>= 3.3.0)
  webpacker (~> 5.2)

RUBY VERSION
   ruby 2.6.5p114

BUNDLED WITH
   2.1.4
